PATH
  remote: .
  specs:
    xctoken (0.1.0)
      jwt (~> 2.1.0)
      thor (~> 0.17.0)

GEM
  remote: https://rubygems.org/
  specs:
    jwt (2.1.0)
    rake (10.5.0)
    thor (0.17.0)

PLATFORMS
  ruby

DEPENDENCIES
  bundler (~> 1.16)
  rake (~> 10.0)
  xctoken!

BUNDLED WITH
   1.16.1
